GEM
  remote: https://rubygems.org/
  specs:
    io-console (0.5.11)
    irb (1.3.7)
      reline (>= 0.2.7)
    reline (0.3.1)
      io-console (~> 0.5)

PLATFORMS
  x86_64-darwin-20

DEPENDENCIES
  irb (~> 1.3.6)

BUNDLED WITH
   2.2.21
